GIT
  remote: git://github.com/derekprior/momentjs-rails.git
  revision: 4b1b0a64bca3eb5ab8741eb4a4d2c1c5a6fdf04b
  specs:
    momentjs-rails (2.9.0)
      railties (>= 3.1)

GIT
  remote: git://github.com/kalashnikovisme/karamzin.git
  revision: 3f426ac9d53061fb0cfacee61d41c93ffac4f6d3
  specs:
    karamzin (0.0.1)

GIT
  remote: git://github.com/rails/activeform.git
  revision: 48314fa99672a93e04b804f75a181f97824cdd09
  specs:
    active_form (0.0.1)
      rails (~> 4.1)

GIT
  remote: git://github.com/ulmic/tconsole.git
  revision: 7eb7547531bc3fb175a4e19de956b411de427e29
  branch: rails4
  specs:
    tconsole (1.3.0.pre2)
      ansi
      chattyproc (~> 1.0.0)
      term-ansicolor (~> 1.0.7)

GIT
  remote: git://github.com/zpaulovics/datetimepicker-rails.git
  revision: d0f8a68f30d7ffb34e505845a693df27467424f3
  branch: master
  submodules: true
  specs:
    datetimepicker-rails (3.1.1)

GIT
  remote: https://github.com/fnando/i18n-js
  revision: 2a7472d87748107f0ce176a773397009310cbca8
  specs:
    i18n-js (3.0.0.rc8)
      i18n (~> 0.6)

GIT
  remote: https://github.com/seuros/state_machine.git
  revision: b5baef856b170f18dc2fdc36def2411c255335b9
  specs:
    state_machine (1.2.0)

GEM
  remote: https://rubygems.org/
  specs:
    actionmailer (4.1.7)
      actionpack (= 4.1.7)
      actionview (= 4.1.7)
      mail (~> 2.5, >= 2.5.4)
    actionpack (4.1.7)
      actionview (= 4.1.7)
      activesupport (= 4.1.7)
      rack (~> 1.5.2)
      rack-test (~> 0.6.2)
    actionview (4.1.7)
      activesupport (= 4.1.7)
      builder (~> 3.1)
      erubis (~> 2.7.0)
    activemodel (4.1.7)
      activesupport (= 4.1.7)
      builder (~> 3.1)
    activerecord (4.1.7)
      activemodel (= 4.1.7)
      activesupport (= 4.1.7)
      arel (~> 5.0.0)
    activesupport (4.1.7)
      i18n (~> 0.6, >= 0.6.9)
      json (~> 1.7, >= 1.7.7)
      minitest (~> 5.1)
      thread_safe (~> 0.1)
      tzinfo (~> 1.1)
    ansi (1.5.0)
    arel (5.0.1.20140414130214)
    autoprefixer-rails (5.0.0.1)
      execjs
    axiom-types (0.1.1)
      descendants_tracker (~> 0.0.4)
      ice_nine (~> 0.11.0)
      thread_safe (~> 0.3, >= 0.3.1)
    bcrypt (3.1.9)
    binding_of_caller (0.7.2)
      debug_inspector (>= 0.0.1)
    bootstrap-sass (3.3.1.0)
      sass (~> 3.2)
    bootswatch-rails (3.2.4)
      railties (>= 3.1)
    bower-rails (0.9.2)
    builder (3.2.2)
    byebug (3.5.1)
      columnize (~> 0.8)
      debugger-linecache (~> 1.2)
      slop (~> 3.6)
    capistrano (3.2.1)
      i18n
      rake (>= 10.0.0)
      sshkit (~> 1.3)
    capistrano-bundler (1.1.3)
      capistrano (~> 3.1)
      sshkit (~> 1.2)
    capistrano-rails (1.1.2)
      capistrano (~> 3.1)
      capistrano-bundler (~> 1.1)
    capistrano-rvm (0.1.2)
      capistrano (~> 3.0)
      sshkit (~> 1.2)
    capistrano-sidekiq (0.4.0)
      capistrano
      sidekiq
    capistrano3-unicorn (0.2.1)
      capistrano (~> 3.1, >= 3.1.0)
    carrierwave (0.10.0)
      activemodel (>= 3.2.0)
      activesupport (>= 3.2.0)
      json (>= 1.7)
      mime-types (>= 1.16)
    celluloid (0.16.0)
      timers (~> 4.0.0)
    chattyproc (1.0.0)
    ckeditor (4.1.1)
      cocaine
      orm_adapter (~> 0.5.0)
    climate_control (0.0.3)
      activesupport (>= 3.0)
    cocaine (0.5.5)
      climate_control (>= 0.0.3, < 1.0)
    coderay (1.1.0)
    coercible (1.0.0)
      descendants_tracker (~> 0.0.1)
    coffee-rails (4.1.0)
      coffee-script (>= 2.2.0)
      railties (>= 4.0.0, < 5.0)
    coffee-script (2.3.0)
      coffee-script-source
      execjs
    coffee-script-source (1.8.0)
    colorize (0.6.0)
    columnize (0.9.0)
    commonjs (0.2.7)
    configus (0.0.5)
    connection_pool (2.1.0)
    coveralls (0.7.1)
      multi_json (~> 1.3)
      rest-client
      simplecov (>= 0.7)
      term-ansicolor
      thor
    debug_inspector (0.0.2)
    debugger-linecache (1.2.0)
    descendants_tracker (0.0.4)
      thread_safe (~> 0.3, >= 0.3.1)
    diff-lcs (1.2.5)
    docile (1.1.5)
    dotenv (1.0.2)
    draper (1.4.0)
      actionpack (>= 3.0)
      activemodel (>= 3.0)
      activesupport (>= 3.0)
      request_store (~> 1.0)
    enumerize (0.9.0)
      activesupport (>= 3.2)
    equalizer (0.0.9)
    erubis (2.7.0)
    execjs (2.2.2)
    factory_girl (4.5.0)
      activesupport (>= 3.0.0)
    factory_girl_rails (4.5.0)
      factory_girl (~> 4.5.0)
      railties (>= 3.0.0)
    faker (1.4.3)
      i18n (~> 0.5)
    font-awesome-rails (4.2.0.0)
      railties (>= 3.2, < 5.0)
    foreman (0.77.0)
      dotenv (~> 1.0.2)
      thor (~> 0.19.1)
    haml (4.1.0.beta.1)
      tilt
    haml-rails (0.7.0)
      actionpack (>= 4.0.1)
      activesupport (>= 4.0.1)
      haml (>= 3.1, < 5.0)
      html2haml (>= 1.0.1)
      railties (>= 4.0.1)
    hike (1.2.3)
    hitimes (1.2.2)
    hpricot (0.8.6)
    html2haml (1.0.1)
      erubis (~> 2.7.0)
      haml (>= 4.0.0.rc.1)
      hpricot (~> 0.8.6)
      ruby_parser (~> 3.1.1)
    i18n (0.7.0)
    ice_nine (0.11.1)
    jquery-rails (3.1.2)
      railties (>= 3.0, < 5.0)
      thor (>= 0.14, < 2.0)
    jquery-ui-rails (5.0.3)
      railties (>= 3.2.16)
    json (1.8.2)
    kaminari (0.16.1)
      actionpack (>= 3.0.0)
      activesupport (>= 3.0.0)
    kgio (2.9.3)
    less (2.6.0)
      commonjs (~> 0.2.7)
    less-rails (2.6.0)
      actionpack (>= 3.1)
      less (~> 2.6.0)
    libv8 (3.16.14.7)
    mail (2.6.3)
      mime-types (>= 1.16, < 3)
    method_source (0.8.2)
    mime-types (2.4.3)
    mini_magick (4.0.2)
    minitest (5.5.1)
    monadic (0.8.1)
    multi_json (1.10.1)
    net-scp (1.2.1)
      net-ssh (>= 2.6.5)
    net-ssh (2.9.2)
    netrc (0.10.2)
    orm_adapter (0.5.0)
    pg (0.18.1)
    polyamorous (1.1.0)
      activerecord (>= 3.0)
    predicated (0.2.6)
    pry (0.10.1)
      coderay (~> 1.1.0)
      method_source (~> 0.8.1)
      slop (~> 3.4)
    pry-byebug (2.0.0)
      byebug (~> 3.4)
      pry (~> 0.10)
    pry-rails (0.3.2)
      pry (>= 0.9.10)
    quiet_assets (1.1.0)
      railties (>= 3.1, < 5.0)
    rack (1.5.2)
    rack-protection (1.5.3)
      rack
    rack-test (0.6.3)
      rack (>= 1.0)
    rails (4.1.7)
      actionmailer (= 4.1.7)
      actionpack (= 4.1.7)
      actionview (= 4.1.7)
      activemodel (= 4.1.7)
      activerecord (= 4.1.7)
      activesupport (= 4.1.7)
      bundler (>= 1.3.0, < 2.0)
      railties (= 4.1.7)
      sprockets-rails (~> 2.0)
    rails-observers (0.1.2)
      activemodel (~> 4.0)
    railties (4.1.7)
      actionpack (= 4.1.7)
      activesupport (= 4.1.7)
      rake (>= 0.8.7)
      thor (>= 0.18.1, < 2.0)
    raindrops (0.13.0)
    rake (10.4.2)
    ransack (1.6.2)
      actionpack (>= 3.0)
      activerecord (>= 3.0)
      activesupport (>= 3.0)
      i18n
      polyamorous (~> 1.1)
    redis (3.2.0)
    redis-namespace (1.5.1)
      redis (~> 3.0, >= 3.0.4)
    ref (1.0.5)
    request_store (1.1.0)
    rest-client (1.7.2)
      mime-types (>= 1.16, < 3.0)
      netrc (~> 0.7)
    rest_in_place (2.5.0)
      rails (>= 3.1)
    ruby2ruby (2.1.3)
      ruby_parser (~> 3.1)
      sexp_processor (~> 4.0)
    ruby_parser (3.1.3)
      sexp_processor (~> 4.1)
    russia_regions (0.0.3)
    russian (0.6.0)
      i18n (>= 0.5.0)
    sass (3.2.19)
    sass-rails (4.0.5)
      railties (>= 4.0.0, < 5.0)
      sass (~> 3.2.2)
      sprockets (~> 2.8, < 3.0)
      sprockets-rails (~> 2.0)
    sexp_processor (4.4.5)
    sidekiq (3.3.0)
      celluloid (>= 0.16.0)
      connection_pool (>= 2.0.0)
      json
      redis (>= 3.0.6)
      redis-namespace (>= 1.3.1)
    simple_form (3.1.0)
      actionpack (~> 4.0)
      activemodel (~> 4.0)
    simplecov (0.9.1)
      docile (~> 1.1.0)
      multi_json (~> 1.0)
      simplecov-html (~> 0.8.0)
    simplecov-html (0.8.0)
    sinatra (1.4.5)
      rack (~> 1.4)
      rack-protection (~> 1.4)
      tilt (~> 1.3, >= 1.3.4)
    slop (3.6.0)
    spring (1.2.0)
    sprockets (2.12.3)
      hike (~> 1.2)
      multi_json (~> 1.0)
      rack (~> 1.0)
      tilt (~> 1.1, != 1.3.0)
    sprockets-rails (2.2.2)
      actionpack (>= 3.0)
      activesupport (>= 3.0)
      sprockets (>= 2.8, < 4.0)
    sshkit (1.5.1)
      colorize
      net-scp (>= 1.1.2)
      net-ssh (>= 2.8.0)
    term-ansicolor (1.0.7)
    therubyracer (0.12.1)
      libv8 (~> 3.16.14.0)
      ref
    thor (0.19.1)
    thread_safe (0.3.4)
    tilt (1.4.1)
    timeliness (0.3.7)
    timers (4.0.1)
      hitimes
    tzinfo (1.2.2)
      thread_safe (~> 0.1)
    uglifier (2.7.0)
      execjs (>= 0.3.0)
      json (>= 1.8.0)
    unicorn (4.8.3)
      kgio (~> 2.6)
      rack
      raindrops (~> 0.7)
    unicorn-rails (2.2.0)
      rack
      unicorn
    validates (1.0.0)
      activemodel (>= 3.0.0)
      activesupport (>= 3.0.0)
    validates_timeliness (3.0.14)
      timeliness (~> 0.3.6)
    virtus (1.0.4)
      axiom-types (~> 0.1)
      coercible (~> 1.0)
      descendants_tracker (~> 0.0, >= 0.0.3)
      equalizer (~> 0.0, >= 0.0.9)
    web-console (2.0.0.beta2)
      activemodel (~> 4.0)
      binding_of_caller
      railties (~> 4.0)
      sprockets-rails (>= 2.0, < 4.0)
    wrong (0.7.1)
      diff-lcs (~> 1.2.5)
      predicated (~> 0.2.6)
      ruby2ruby (>= 2.0.1)
      ruby_parser (>= 3.0.1)
      sexp_processor (>= 4.0)
    wysiwyg-rails (1.2.4)
      font-awesome-rails (= 4.2.0.0)
      railties (>= 3.2, < 5.0)

PLATFORMS
  ruby

DEPENDENCIES
  active_form!
  autoprefixer-rails
  bcrypt (~> 3.1.7)
  bootstrap-sass
  bootswatch-rails
  bower-rails
  capistrano (= 3.2.1)
  capistrano-bundler
  capistrano-rails
  capistrano-rvm
  capistrano-sidekiq
  capistrano3-unicorn
  carrierwave
  ckeditor
  coffee-rails
  colorize (= 0.6.0)
  configus
  coveralls
  datetimepicker-rails!
  draper
  enumerize
  factory_girl_rails
  faker
  font-awesome-rails
  foreman
  haml-rails
  i18n-js!
  jquery-rails
  jquery-ui-rails
  kaminari
  karamzin!
  less-rails
  mini_magick
  momentjs-rails (>= 2.8.1)!
  monadic
  pg
  pry-byebug
  pry-rails
  quiet_assets
  rails (= 4.1.7)
  rails-observers
  ransack
  rest_in_place
  russia_regions
  russian
  sass-rails (~> 4.0.3)
  sidekiq
  simple_form (>= 3.1.0.rc2)
  simplecov
  sinatra (>= 1.3.0)
  spring
  state_machine!
  tconsole!
  term-ansicolor
  therubyracer
  uglifier (>= 1.3.0)
  unicorn-rails
  validates
  validates_timeliness (~> 3.0)
  virtus
  web-console (= 2.0.0.beta2)
  wrong
  wysiwyg-rails
